PATH
  remote: .
  specs:
    tescoParser (0.1.0)

GEM
  remote: https://rubygems.org/
  specs:
    ansi (1.5.0)
    builder (3.2.3)
    minitest (5.13.0)
    minitest-reporters (1.4.1)
      ansi
      builder
      minitest (>= 5.0)
      ruby-progressbar
    rake (10.5.0)
    ruby-progressbar (1.10.1)

PLATFORMS
  ruby

DEPENDENCIES
  bundler (~> 2.0)
  minitest (~> 5.0)
  minitest-reporters
  rake (~> 10.0)
  tescoParser!

BUNDLED WITH
   2.0.2
